GIT
  remote: https://github.com/enterprisemodules/easy_type_helpers.git
  revision: c1e0dd8fc52382bb976aa5f05bb40987b329c918
  specs:
    easy_type_helpers (1.0.0)

GIT
  remote: https://github.com/enterprisemodules/em_tasks.git
  revision: 792252447d720c315a709df32eb5d548d44a30bc
  specs:
    em_tasks (0.1.0)

GEM
  remote: https://rubygems.org/
  specs:
    CFPropertyList (2.3.6)
    activesupport (5.2.4.3)
      concurrent-ruby (~> 1.0, >= 1.0.2)
      i18n (>= 0.7, < 2)
      minitest (~> 5.1)
      tzinfo (~> 1.1)
    addressable (2.7.0)
      public_suffix (>= 2.0.2, < 5.0)
    ast (2.4.0)
    brakeman (4.8.2)
    bundle-audit (0.1.0)
      bundler-audit
    bundler-audit (0.6.1)
      bundler (>= 1.2.0, < 3)
      thor (~> 0.18)
    childprocess (0.7.1)
      ffi (~> 1.0, >= 1.0.11)
    colorize (0.8.1)
    concurrent-ruby (1.1.6)
    cri (2.15.10)
    deep_merge (1.2.1)
    diff-lcs (1.3)
    domain_name (0.5.20190701)
      unf (>= 0.0.5, < 1.0.0)
    equatable (0.6.1)
    facter (2.5.7)
    facter (2.5.7-universal-darwin)
      CFPropertyList (~> 2.2)
    facterdb (1.4.0)
      facter (< 4.0.0)
      jgrep
    fast_gettext (1.1.2)
    fasterer (0.8.3)
      colorize (~> 0.7)
      ruby_parser (>= 3.14.1)
    ffi (1.9.25)
    gettext (3.2.9)
      locale (>= 2.0.5)
      text (>= 1.3.0)
    gettext-setup (0.34)
      fast_gettext (~> 1.1.0)
      gettext (>= 3.0.2, < 3.3.0)
      locale
    hiera (3.6.0)
    hiera-puppet-helper (1.0.1)
    hitimes (1.3.0)
    hocon (1.3.1)
    http-accept (1.7.0)
    http-cookie (1.0.3)
      domain_name (~> 0.5)
    httpclient (2.8.3)
    i18n (1.8.2)
      concurrent-ruby (~> 1.0)
    inifile (3.0.0)
    iniparse (1.5.0)
    jgrep (1.5.2)
    json (2.3.0)
    json-schema (2.8.0)
      addressable (>= 2.4)
    json_pure (2.1.0)
    jwt (2.2.1)
    kwalify (0.7.2)
    locale (2.1.3)
    mcollective-client (2.12.5)
      json
      stomp
      systemu
    metaclass (0.0.4)
    metadata-json-lint (2.3.0)
      json-schema (~> 2.8)
      spdx-licenses (~> 1.0)
    mime-types (3.3.1)
      mime-types-data (~> 3.2015)
    mime-types-data (3.2020.0512)
    minitar (0.6.1)
    minitest (5.14.1)
    mocha (1.3.0)
      metaclass (~> 0.0.1)
    multi_json (1.14.1)
    necromancer (0.5.1)
    net-scp (3.0.0)
      net-ssh (>= 2.6.5, < 7.0.0)
    net-ssh (6.0.2)
    net-telnet (0.1.1)
    netrc (0.11.0)
    oci (2.8.0)
      inifile (~> 3.0, >= 3.0.0)
      json (>= 1.4.6, < 3.0.0)
      jwt (~> 2.1)
    overcommit (0.53.0)
      childprocess (>= 0.6.3, < 4)
      iniparse (~> 1.4)
    parallel (1.19.1)
    parallel_tests (2.32.0)
      parallel
    parser (2.7.1.3)
      ast (~> 2.4.0)
    pastel (0.7.4)
      equatable (~> 0.6)
      tty-color (~> 0.5)
    pathspec (0.2.1)
    pdk (1.13.0)
      bundler (>= 1.15.0, < 3.0.0)
      childprocess (~> 0.7.1)
      concurrent-ruby (~> 1.1.5)
      cri (~> 2.10)
      deep_merge (~> 1.1)
      diff-lcs (= 1.3)
      facter (~> 2.5.1)
      ffi (~> 1.9.0)
      gettext-setup (~> 0.24)
      hitimes (= 1.3.0)
      httpclient (~> 2.8.3)
      json-schema (= 2.8.0)
      json_pure (~> 2.1.0)
      minitar (~> 0.6.1)
      pathspec (~> 0.2.1)
      tty-prompt (~> 0.13)
      tty-spinner (~> 0.5)
      tty-which (~> 0.3)
    psych (3.1.0)
    public_suffix (4.0.5)
    puppet (6.15.0)
      concurrent-ruby (~> 1.0)
      deep_merge (~> 1.0)
      facter (> 2.0.1, < 5)
      fast_gettext (~> 1.1)
      hiera (>= 3.2.1, < 4)
      httpclient (~> 2.8)
      locale (~> 2.1)
      multi_json (~> 1.10)
      puppet-resource_api (~> 1.5)
      semantic_puppet (~> 1.0)
    puppet (6.15.0-universal-darwin)
      CFPropertyList (~> 2.2)
      concurrent-ruby (~> 1.0)
      deep_merge (~> 1.0)
      facter (> 2.0.1, < 5)
      fast_gettext (~> 1.1)
      hiera (>= 3.2.1, < 4)
      httpclient (~> 2.8)
      locale (~> 2.1)
      multi_json (~> 1.10)
      puppet-resource_api (~> 1.5)
      semantic_puppet (~> 1.0)
    puppet-blacksmith (6.0.0)
      puppet-modulebuilder (~> 0.1)
      rest-client (~> 2.0)
    puppet-lint (2.4.2)
    puppet-modulebuilder (0.2.0)
      minitar (~> 0.6)
      pathspec (~> 0.2.1)
    puppet-resource_api (1.8.13)
      hocon (>= 1.0)
    puppet-strings (2.4.0)
      rgen
      yard (~> 0.9.5)
    puppet-syntax (2.6.1)
      puppet (>= 5)
      rake
    puppetlabs_spec_helper (2.14.1)
      mocha (~> 1.0)
      pathspec (~> 0.2.1)
      puppet-lint (~> 2.0)
      puppet-syntax (~> 2.0)
      rspec-puppet (~> 2.0)
    rainbow (3.0.0)
    rake (13.0.1)
    reek (6.0.1)
      kwalify (~> 0.7.0)
      parser (>= 2.5.0.0, < 2.8, != 2.5.1.1)
      psych (~> 3.1.0)
      rainbow (>= 2.0, < 4.0)
    rest-client (2.1.0)
      http-accept (>= 1.7.0, < 2.0)
      http-cookie (>= 1.0.2, < 2.0)
      mime-types (>= 1.16, < 4.0)
      netrc (~> 0.8)
    rexml (3.2.4)
    rgen (0.8.2)
    rspec (3.9.0)
      rspec-core (~> 3.9.0)
      rspec-expectations (~> 3.9.0)
      rspec-mocks (~> 3.9.0)
    rspec-core (3.9.2)
      rspec-support (~> 3.9.3)
    rspec-expectations (3.9.2)
      diff-lcs (>= 1.2.0, < 2.0)
      rspec-support (~> 3.9.0)
    rspec-its (1.3.0)
      rspec-core (>= 3.0.0)
      rspec-expectations (>= 3.0.0)
    rspec-mocks (3.9.1)
      diff-lcs (>= 1.2.0, < 2.0)
      rspec-support (~> 3.9.0)
    rspec-puppet (2.7.8)
      rspec
    rspec-puppet-facts (1.9.2)
      facter
      facterdb (>= 0.5.0)
      json
      mcollective-client
      puppet
    rspec-puppet-utils (3.4.0)
      mocha
      puppet
      puppetlabs_spec_helper
      rspec
      rspec-puppet
    rspec-retry (0.6.2)
      rspec-core (> 3.3)
    rspec-support (3.9.3)
    rubocop (0.84.0)
      parallel (~> 1.10)
      parser (>= 2.7.0.1)
      rainbow (>= 2.2.2, < 4.0)
      rexml
      rubocop-ast (>= 0.0.3)
      ruby-progressbar (~> 1.7)
      unicode-display_width (>= 1.4.0, < 2.0)
    rubocop-ast (0.0.3)
      parser (>= 2.7.0.1)
    rubocop-performance (1.6.0)
      rubocop (>= 0.71.0)
    ruby-progressbar (1.10.1)
    ruby_parser (3.14.2)
      sexp_processor (~> 4.9)
    semantic_puppet (1.0.2)
    serverspec (2.41.5)
      multi_json
      rspec (~> 3.0)
      rspec-its
      specinfra (~> 2.72)
    sexp_processor (4.14.1)
    sfl (2.3)
    spdx-licenses (1.2.0)
    specinfra (2.82.16)
      net-scp
      net-ssh (>= 2.7)
      net-telnet (= 0.1.1)
      sfl
    stomp (1.4.9)
    systemu (2.6.5)
    text (1.3.1)
    thor (0.20.3)
    thread_safe (0.3.6)
    tty-color (0.5.1)
    tty-cursor (0.7.1)
    tty-prompt (0.21.0)
      necromancer (~> 0.5.0)
      pastel (~> 0.7.0)
      tty-reader (~> 0.7.0)
    tty-reader (0.7.0)
      tty-cursor (~> 0.7)
      tty-screen (~> 0.7)
      wisper (~> 2.0.0)
    tty-screen (0.8.0)
    tty-spinner (0.9.3)
      tty-cursor (~> 0.7)
    tty-which (0.4.2)
    tzinfo (1.2.7)
      thread_safe (~> 0.1)
    unf (0.1.4)
      unf_ext
    unf_ext (0.0.7.7)
    unicode-display_width (1.7.0)
    wisper (2.0.1)
    yard (0.9.25)

PLATFORMS
  ruby
  x86_64-darwin-19

DEPENDENCIES
  activesupport (< 6.0.0)
  brakeman
  bundle-audit
  easy_type_helpers!
  em_tasks!
  fasterer
  hiera-puppet-helper
  metadata-json-lint
  mocha (= 1.3.0)
  oci
  overcommit
  parallel_tests
  pdk (> 1.9.0, < 1.14.0)
  puppet (= 6.15.0)
  puppet-blacksmith
  puppet-lint
  puppet-strings
  puppetlabs_spec_helper
  rake
  reek
  rgen
  rspec-puppet
  rspec-puppet-facts (= 1.9.2)
  rspec-puppet-utils
  rspec-retry
  rubocop
  rubocop-performance
  serverspec
  yard

BUNDLED WITH
   2.1.4
