GIT
  remote: https://github.com/enterprisemodules/easy_type_helpers.git
  revision: a01e45067f11077624b5b89cea452c2dac8bd6c1
  specs:
    easy_type_helpers (1.0.0)

GIT
  remote: https://github.com/enterprisemodules/em_tasks.git
  revision: 34ef8dfbd7ebe95162167c2b5a56caeb78607e48
  specs:
    em_tasks (0.1.0)

GEM
  remote: https://rubygems.org/
  specs:
    CFPropertyList (3.0.7)
      base64
      nkf
      rexml
    activesupport (5.2.8.1)
      concurrent-ruby (~> 1.0, >= 1.0.2)
      i18n (>= 0.7, < 2)
      minitest (~> 5.1)
      tzinfo (~> 1.1)
    addressable (2.8.6)
      public_suffix (>= 2.0.2, < 6.0)
    ast (2.4.2)
    aws-eventstream (1.3.0)
    aws-partitions (1.934.0)
    aws-sdk-core (3.196.1)
      aws-eventstream (~> 1, >= 1.3.0)
      aws-partitions (~> 1, >= 1.651.0)
      aws-sigv4 (~> 1.8)
      jmespath (~> 1, >= 1.6.1)
    aws-sdk-ec2 (1.457.1)
      aws-sdk-core (~> 3, >= 3.193.0)
      aws-sigv4 (~> 1.1)
    aws-sigv4 (1.8.0)
      aws-eventstream (~> 1, >= 1.0.2)
    base64 (0.2.0)
    bigdecimal (3.1.8)
    bindata (2.5.0)
    bolt (3.30.0)
      CFPropertyList (>= 2.2)
      addressable (~> 2.5)
      aws-sdk-ec2 (~> 1)
      concurrent-ruby (~> 1.0)
      ffi (>= 1.9.25, < 2.0.0)
      hiera-eyaml (~> 3)
      jwt (~> 2.2)
      logging (~> 2.2)
      minitar (~> 0.6)
      net-scp (>= 1.2, < 5.0)
      net-ssh (>= 4.0, < 8.0)
      net-ssh-krb (~> 0.5)
      orchestrator_client (~> 0.5)
      puppet (>= 6.18.0)
      puppet-resource_api (>= 1.8.1)
      puppet-strings (>= 2.3.0, < 5.0)
      puppetfile-resolver (>= 0.6.2, < 1.0)
      r10k (~> 3.10)
      ruby_smb (~> 1.0)
      terminal-table (~> 3.0)
      winrm (~> 2.0)
      winrm-fs (~> 1.3)
    brakeman (6.1.2)
      racc
    builder (3.2.4)
    bundle-audit (0.1.0)
      bundler-audit
    bundler-audit (0.9.1)
      bundler (>= 1.2.0, < 3)
      thor (~> 1.0)
    byebug (11.1.3)
    childprocess (4.1.0)
    colored2 (3.1.2)
    concurrent-ruby (1.1.10)
    connection_pool (2.4.1)
    cri (2.15.11)
    deep_merge (1.2.2)
    diff-lcs (1.5.1)
    docker-api (2.2.0)
      excon (>= 0.47.0)
      multi_json
    domain_name (0.6.20240107)
    dry-configurable (1.1.0)
      dry-core (~> 1.0, < 2)
      zeitwerk (~> 2.6)
    dry-core (1.0.1)
      concurrent-ruby (~> 1.0)
      zeitwerk (~> 2.6)
    dry-inflector (1.0.0)
    dry-initializer (3.1.1)
    dry-logic (1.5.0)
      concurrent-ruby (~> 1.0)
      dry-core (~> 1.0, < 2)
      zeitwerk (~> 2.6)
    dry-schema (1.13.4)
      concurrent-ruby (~> 1.0)
      dry-configurable (~> 1.0, >= 1.0.1)
      dry-core (~> 1.0, < 2)
      dry-initializer (~> 3.0)
      dry-logic (>= 1.4, < 2)
      dry-types (>= 1.7, < 2)
      zeitwerk (~> 2.6)
    dry-types (1.7.2)
      bigdecimal (~> 3.0)
      concurrent-ruby (~> 1.0)
      dry-core (~> 1.0)
      dry-inflector (~> 1.0)
      dry-logic (~> 1.4)
      zeitwerk (~> 2.6)
    erubi (1.12.0)
    event_stream_parser (1.0.0)
    excon (0.110.0)
    facter (4.7.0)
      hocon (~> 1.3)
      thor (>= 1.0.1, < 1.3)
    facterdb (1.27.0)
      facter (< 5.0.0)
      jgrep (~> 1.5, >= 1.5.4)
    faraday (1.10.3)
      faraday-em_http (~> 1.0)
      faraday-em_synchrony (~> 1.0)
      faraday-excon (~> 1.1)
      faraday-httpclient (~> 1.0)
      faraday-multipart (~> 1.0)
      faraday-net_http (~> 1.0)
      faraday-net_http_persistent (~> 1.0)
      faraday-patron (~> 1.0)
      faraday-rack (~> 1.0)
      faraday-retry (~> 1.0)
      ruby2_keywords (>= 0.0.4)
    faraday-em_http (1.0.0)
    faraday-em_synchrony (1.0.0)
    faraday-excon (1.1.0)
    faraday-httpclient (1.0.1)
    faraday-multipart (1.0.4)
      multipart-post (~> 2)
    faraday-net_http (1.0.1)
    faraday-net_http_persistent (1.2.0)
    faraday-patron (1.0.0)
    faraday-rack (1.0.0)
    faraday-retry (1.0.3)
    faraday_middleware (1.2.0)
      faraday (~> 1.0)
    fast_gettext (1.1.2)
    fasterer (0.11.0)
      ruby_parser (>= 3.19.1)
    ffi (1.16.3)
    forwardable (1.3.3)
    gettext (3.4.9)
      erubi
      locale (>= 2.0.5)
      prime
      racc
      text (>= 1.3.0)
    gettext-setup (0.31)
      fast_gettext (~> 1.1.0)
      gettext (>= 3.0.2)
      locale
    gssapi (1.3.1)
      ffi (>= 1.0.1)
    gyoku (1.4.0)
      builder (>= 2.1.2)
      rexml (~> 3.0)
    hiera (3.12.0)
    hiera-eyaml (3.4.0)
      highline
      optimist
    hiera-puppet-helper (1.0.1)
    highline (3.0.1)
    hitimes (2.0.0)
    hocon (1.4.0)
    http-accept (1.7.0)
    http-cookie (1.0.5)
      domain_name (~> 0.5)
    httpclient (2.8.3)
    i18n (1.14.5)
      concurrent-ruby (~> 1.0)
    inifile (3.0.0)
    iniparse (1.5.0)
    jgrep (1.5.4)
    jmespath (1.6.2)
    json (2.7.2)
    json-schema (4.3.0)
      addressable (>= 2.8)
    json_pure (2.6.3)
    jwt (2.7.1)
    language_server-protocol (3.17.0.3)
    little-plugger (1.1.4)
    locale (2.1.4)
    log4r (1.1.10)
    logging (2.3.1)
      little-plugger (~> 1.1)
      multi_json (~> 1.14)
    metadata-json-lint (4.0.0)
      json-schema (>= 2.8, < 5.0)
      semantic_puppet (~> 1.0)
      spdx-licenses (~> 1.0)
    mime-types (3.5.2)
      mime-types-data (~> 3.2015)
    mime-types-data (3.2024.0507)
    minitar (0.9)
    minitest (5.23.1)
    mocha (1.16.1)
    molinillo (0.8.0)
    multi_json (1.15.0)
    multipart-post (2.4.1)
    net-http-persistent (4.0.2)
      connection_pool (~> 2.2)
    net-scp (4.0.0)
      net-ssh (>= 2.6.5, < 8.0.0)
    net-ssh (7.2.3)
    net-ssh-krb (0.5.1)
      gssapi (~> 1.3.0)
      net-ssh (>= 2.0)
    net-telnet (0.2.0)
    netrc (0.11.0)
    nkf (0.2.0)
    nori (2.7.0)
      bigdecimal
    oci (2.21.1)
      event_stream_parser (~> 1.0.0)
      inifile (~> 3.0, >= 3.0.0)
      json (>= 1.4.6, < 3.0.0)
      jwt (~> 2.1)
      psych (~> 5.0, >= 5.0.1)
    optimist (3.1.0)
    orchestrator_client (0.7.0)
      faraday (~> 1.4)
      net-http-persistent (~> 4.0)
    overcommit (0.63.0)
      childprocess (>= 0.6.3, < 6)
      iniparse (~> 1.4)
      rexml (~> 3.2)
    parallel (1.24.0)
    parallel_tests (4.7.1)
      parallel
    parser (3.3.1.0)
      ast (~> 2.4.1)
      racc
    pastel (0.8.0)
      tty-color (~> 0.5)
    pathspec (1.1.3)
    pdk (3.2.0)
      bundler (>= 2.1.0, < 3.0.0)
      childprocess (~> 4.1.0)
      cri (~> 2.15.11)
      deep_merge (~> 1.2.2)
      diff-lcs (>= 1.5.0)
      ffi (>= 1.15.5, < 2.0.0)
      hitimes (= 2.0.0)
      json-schema (~> 4.0)
      json_pure (~> 2.6.3)
      minitar (~> 0.8)
      pathspec (~> 1.1)
      tty-prompt (~> 0.23)
      tty-spinner (~> 0.9)
      tty-which (~> 0.5)
    prime (0.1.2)
      forwardable
      singleton
    psych (5.1.2)
      stringio
    public_suffix (5.0.5)
    puppet (7.1.0)
      concurrent-ruby (~> 1.0)
      deep_merge (~> 1.0)
      facter (> 2.0.1, < 5)
      fast_gettext (~> 1.1)
      hiera (>= 3.2.1, < 4)
      locale (~> 2.1)
      multi_json (~> 1.10)
      puppet-resource_api (~> 1.5)
      scanf (~> 1.0)
      semantic_puppet (~> 1.0)
    puppet-blacksmith (7.0.0)
      puppet-modulebuilder (~> 1.0)
      rest-client (~> 2.0)
    puppet-lint (4.2.4)
    puppet-modulebuilder (1.0.0)
      minitar (~> 0.9)
      pathspec (>= 0.2.1, < 2.0.0)
    puppet-resource_api (1.9.0)
      hocon (>= 1.0)
    puppet-strings (4.1.2)
      rgen (~> 0.9)
      yard (~> 0.9)
    puppet-syntax (4.1.1)
      puppet (>= 7, < 9)
      rake (~> 13.1)
    puppet_forge (3.2.0)
      faraday (~> 1.3)
      faraday_middleware (~> 1.0)
      minitar
      semantic_puppet (~> 1.0)
    puppet_litmus (1.4.0)
      bolt (~> 3.0)
      docker-api (>= 1.34, < 3.0.0)
      parallel
      puppet-modulebuilder (>= 0.3.0)
      retryable (~> 3.0)
      rspec
      tty-spinner (>= 0.5.0, < 1.0.0)
    puppetfile-resolver (0.6.3)
      molinillo (~> 0.6)
      semantic_puppet (~> 1.0)
    puppetlabs_spec_helper (7.3.0)
      mocha (~> 1.0)
      pathspec (>= 0.2, < 2.0.0)
      puppet-lint (~> 4.0)
      puppet-syntax (~> 4.1, >= 4.1.1)
      rspec-github (~> 2.0)
      rspec-puppet (~> 4.0)
    r10k (3.16.2)
      colored2 (= 3.1.2)
      cri (>= 2.15.10)
      fast_gettext (>= 1.1.0, < 3.0.0)
      gettext (>= 3.0.2, < 4.0.0)
      gettext-setup (>= 0.24, < 2.0.0)
      jwt (>= 2.2.3, < 2.8.0)
      log4r (= 1.1.10)
      minitar (~> 0.9)
      multi_json (~> 1.10)
      puppet_forge (>= 2.3.0, < 4.0.0)
    racc (1.8.0)
    rainbow (3.1.1)
    rake (13.2.1)
    reek (6.3.0)
      dry-schema (~> 1.13.0)
      parser (~> 3.3.0)
      rainbow (>= 2.0, < 4.0)
      rexml (~> 3.1)
    regexp_parser (2.9.2)
    rest-client (2.1.0)
      http-accept (>= 1.7.0, < 2.0)
      http-cookie (>= 1.0.2, < 2.0)
      mime-types (>= 1.16, < 4.0)
      netrc (~> 0.8)
    retryable (3.0.5)
    rexml (3.2.8)
      strscan (>= 3.0.9)
    rgen (0.9.1)
    rspec (3.13.0)
      rspec-core (~> 3.13.0)
      rspec-expectations (~> 3.13.0)
      rspec-mocks (~> 3.13.0)
    rspec-core (3.13.0)
      rspec-support (~> 3.13.0)
    rspec-expectations (3.13.0)
      diff-lcs (>= 1.2.0, < 2.0)
      rspec-support (~> 3.13.0)
    rspec-github (2.4.0)
      rspec-core (~> 3.0)
    rspec-its (1.3.0)
      rspec-core (>= 3.0.0)
      rspec-expectations (>= 3.0.0)
    rspec-mocks (3.13.1)
      diff-lcs (>= 1.2.0, < 2.0)
      rspec-support (~> 3.13.0)
    rspec-puppet (4.0.2)
      rspec (~> 3.0)
    rspec-puppet-facts (3.0.0)
      deep_merge (~> 1.2)
      facter (< 5)
      facterdb (>= 0.5.0, < 2)
      puppet (>= 7, < 9)
    rspec-puppet-utils (3.4.0)
      mocha
      puppet
      puppetlabs_spec_helper
      rspec
      rspec-puppet
    rspec-retry (0.6.2)
      rspec-core (> 3.3)
    rspec-support (3.13.1)
    rubocop (1.64.0)
      json (~> 2.3)
      language_server-protocol (>= 3.17.0)
      parallel (~> 1.10)
      parser (>= 3.3.0.2)
      rainbow (>= 2.2.2, < 4.0)
      regexp_parser (>= 1.8, < 3.0)
      rexml (>= 3.2.5, < 4.0)
      rubocop-ast (>= 1.31.1, < 2.0)
      ruby-progressbar (~> 1.7)
      unicode-display_width (>= 2.4.0, < 3.0)
    rubocop-ast (1.31.3)
      parser (>= 3.3.1.0)
    rubocop-performance (1.21.0)
      rubocop (>= 1.48.1, < 2.0)
      rubocop-ast (>= 1.31.1, < 2.0)
    ruby-progressbar (1.13.0)
    ruby2_keywords (0.0.5)
    ruby_parser (3.21.0)
      racc (~> 1.5)
      sexp_processor (~> 4.16)
    ruby_smb (1.1.0)
      bindata
      rubyntlm
      windows_error
    rubyntlm (0.6.3)
    rubyzip (2.3.2)
    scanf (1.0.0)
    semantic_puppet (1.1.0)
    serverspec (2.42.3)
      multi_json
      rspec (~> 3.0)
      rspec-its
      specinfra (~> 2.72)
    sexp_processor (4.17.1)
    sfl (2.3)
    singleton (0.2.0)
    spdx-licenses (1.3.0)
    specinfra (2.89.0)
      net-scp
      net-ssh (>= 2.7)
      net-telnet
      sfl
    stringio (3.1.0)
    strscan (3.1.0)
    terminal-table (3.0.2)
      unicode-display_width (>= 1.1.1, < 3)
    text (1.3.1)
    thor (1.2.2)
    thread_safe (0.3.6)
    tty-color (0.6.0)
    tty-cursor (0.7.1)
    tty-prompt (0.23.1)
      pastel (~> 0.8)
      tty-reader (~> 0.8)
    tty-reader (0.9.0)
      tty-cursor (~> 0.7)
      tty-screen (~> 0.8)
      wisper (~> 2.0)
    tty-screen (0.8.2)
    tty-spinner (0.9.3)
      tty-cursor (~> 0.7)
    tty-which (0.5.0)
    tzinfo (1.2.11)
      thread_safe (~> 0.1)
    unicode-display_width (2.5.0)
    windows_error (0.1.5)
    winrm (2.3.6)
      builder (>= 2.1.2)
      erubi (~> 1.8)
      gssapi (~> 1.2)
      gyoku (~> 1.0)
      httpclient (~> 2.2, >= 2.2.0.2)
      logging (>= 1.6.1, < 3.0)
      nori (~> 2.0)
      rubyntlm (~> 0.6.0, >= 0.6.3)
    winrm-fs (1.3.5)
      erubi (~> 1.8)
      logging (>= 1.6.1, < 3.0)
      rubyzip (~> 2.0)
      winrm (~> 2.0)
    wisper (2.0.1)
    yard (0.9.36)
    zeitwerk (2.6.15)

PLATFORMS
  ruby
  x86_64-darwin-23

DEPENDENCIES
  activesupport (< 6.0.0)
  bolt
  brakeman
  bundle-audit
  byebug
  concurrent-ruby (< 1.2.0)
  easy_type_helpers!
  em_tasks!
  fasterer
  hiera-puppet-helper
  metadata-json-lint
  oci
  overcommit
  parallel_tests
  pdk (> 1.9.0)
  puppet (= 7.1.0)
  puppet-blacksmith
  puppet-lint
  puppet-strings
  puppet_litmus
  puppetlabs_spec_helper
  rake
  reek
  rgen
  rspec-puppet
  rspec-puppet-facts
  rspec-puppet-utils
  rspec-retry
  rubocop
  rubocop-performance
  serverspec
  yard

BUNDLED WITH
   2.5.3
